GEM
  remote: https://rubygems.org/
  specs:
    minitest (5.8.5)
    rake (12.0.0)

PLATFORMS
  x64-mingw32

DEPENDENCIES
  minitest
  rake

BUNDLED WITH
   1.14.1
