GEM
  remote: https://rubygems.org/
  specs:
    codecov (0.1.9)
      json
      simplecov
      url
    docile (1.1.5)
    gosu (0.11.1-x64-mingw32)
    json (2.0.3)
    minitest (5.8.5)
    ocra (1.3.6)
    rake (12.0.0)
    require_all (1.4.0)
    simplecov (0.13.0)
      docile (~> 1.1.0)
      json (>= 1.8, < 3)
      simplecov-html (~> 0.10.0)
    simplecov-html (0.10.0)
    url (0.3.2)

PLATFORMS
  x64-mingw32

DEPENDENCIES
  codecov
  gosu
  minitest
  ocra
  rake
  require_all

BUNDLED WITH
   1.14.1
